GEM
  remote: http://rubygems.org/
  specs:
    activesupport (3.2.22.5)
      i18n (~> 0.6, >= 0.6.4)
      multi_json (~> 1.0)
    builder (2.1.2)
    coderay (1.1.2)
    diff-lcs (1.1.3)
    hoe (3.18.0)
      rake (>= 0.8, < 13.0)
    hpricot (0.6.164)
    htmlentities (4.3.1)
    i18n (0.6.11)
    json (1.8.6)
    log4r (1.1.10)
    mechanize (0.9.2)
      nokogiri (>= 1.2.1)
    method_source (0.8.2)
    multi_json (1.13.1)
    mysql (2.9.1)
    nokogiri (1.5.11)
    pry (0.10.4)
      coderay (~> 1.1.0)
      method_source (~> 0.8.1)
      slop (~> 3.4)
    rake (10.5.0)
    rcov (0.9.11)
    rmagick (2.16.0)
    rspec (2.11.0)
      rspec-core (~> 2.11.0)
      rspec-expectations (~> 2.11.0)
      rspec-mocks (~> 2.11.0)
    rspec-core (2.11.1)
    rspec-expectations (2.11.3)
      diff-lcs (~> 1.1.3)
    rspec-mocks (2.11.3)
    slop (3.6.0)

PLATFORMS
  ruby

DEPENDENCIES
  activesupport (< 4.0.0)
  builder (= 2.1.2)
  hoe
  hpricot (= 0.6.164)
  htmlentities (<= 4.3.1)
  i18n (~> 0.6.11)
  json (~> 1.8.6)
  log4r
  mechanize (= 0.9.2)
  mysql
  nokogiri (~> 1.5.0)
  pry (~> 0.10.4)
  rake (~> 10.5.0)
  rcov (~> 0.9.10)
  rmagick (~> 2.16.0)
  rspec (~> 2.11.0)

BUNDLED WITH
   1.16.2
